GEM
  remote: https://rubygems.org/
  specs:
    em-midori (0.3.0)
      midori_http_parser (~> 0.6.1)
      mustermann (~> 1.0)
      nio4r (~> 2.0)
    hiredis (0.6.1)
    midori_http_parser (0.6.1.3)
    mustermann (1.0.0)
    mysql2 (0.4.6)
    nest (3.1.1)
      redic
    nio4r (2.1.0)
    ohm (3.1.1)
      nest (~> 3)
      redic (~> 1.5.0)
      stal
    rake (12.0.0)
    redic (1.5.0)
      hiredis
    sequel (4.47.0)
    stal (0.3.0)
      redic (~> 1.5)

PLATFORMS
  ruby

DEPENDENCIES
  bundler (~> 1.0)
  em-midori (~> 0.3.0)
  hiredis (~> 0.6.0)
  mysql2 (~> 0.4)
  ohm (~> 3.0)
  rake (~> 12.0)
  sequel (~> 4.40)

BUNDLED WITH
   1.14.3
